GEM
  remote: https://gems.ruby-china.com/
  specs:
    webrick (1.4.2)

PLATFORMS
  ruby

DEPENDENCIES
  webrick

BUNDLED WITH
   1.16.6
